GEM
  remote: https://rubygems.org/
  specs:
    rack (3.0.11)
    rackup (2.1.0)
      rack (>= 3)
      webrick (~> 1.8)
    webrick (1.8.1)

PLATFORMS
  arm64-darwin-23
  ruby

DEPENDENCIES
  rack
  rackup

BUNDLED WITH
   2.5.3
